GEM
  remote: https://rubygems.org/
  specs:
    pg (1.4.3)

PLATFORMS
  x86_64-linux

DEPENDENCIES
  pg (~> 1.4)

BUNDLED WITH
   2.3.22
